GIT
  remote: git://github.com/headius/jruby-pg.git
  revision: d7297060881976506fe4b53f402056309f2496f1
  branch: master
  specs:
    pg (0.17.1)

GEM
  remote: https://rubygems.org/
  specs:
    activesupport (4.1.8)
      i18n (~> 0.6, >= 0.6.9)
      json (~> 1.7, >= 1.7.7)
      minitest (~> 5.1)
      thread_safe (~> 0.1)
      tzinfo (~> 1.1)
    awesome_print (1.2.0)
    coderay (1.1.0)
    ffi (1.9.10-java)
    i18n (0.7.0)
    jar-dependencies (0.3.1)
    json (1.8.3)
    json (1.8.3-java)
    little-plugger (1.1.3)
    logging (1.8.2)
      little-plugger (>= 1.1.3)
      multi_json (>= 1.8.4)
    method_source (0.8.2)
    minitest (5.7.0)
    multi_json (1.11.2)
    poseidon (0.0.5)
    promiscuous-poseidon_cluster (0.4.2)
      poseidon (>= 0.0.5.pre1)
      zk
    pry (0.10.1)
      coderay (~> 1.1.0)
      method_source (~> 0.8.1)
      slop (~> 3.4)
    pry (0.10.1-java)
      coderay (~> 1.1.0)
      method_source (~> 0.8.1)
      slop (~> 3.4)
      spoon (~> 0.0)
    redis (3.2.1)
    robust-redis-lock (1.3.1)
      redis (>= 3.0.0)
    ruby-maven (3.3.8)
      ruby-maven-libs (~> 3.3.1)
    ruby-maven-libs (3.3.3)
    sequel (4.31.0)
    slop (3.6.0)
    sorceror_jruby-kafka (2.2.0-java)
      jar-dependencies (~> 0)
      ruby-maven (~> 3.1)
    spoon (0.0.4)
      ffi
    thread_safe (0.3.5)
    thread_safe (0.3.5-java)
    tzinfo (1.2.2)
      thread_safe (~> 0.1)
    zk (1.9.5)
      logging (~> 1.8.2)
      zookeeper (~> 1.4.0)
    zookeeper (1.4.10)

PLATFORMS
  java
  ruby

DEPENDENCIES
  activesupport (>= 4)
  awesome_print
  pg (= 0.17.1)!
  promiscuous-poseidon_cluster (~> 0.4.1)
  pry
  robust-redis-lock (~> 1.3.1)
  sequel
  sorceror_jruby-kafka (~> 2.2.0)

BUNDLED WITH
   1.10.4
